GEM
  remote: https://rubygems.org/
  specs:
    json (2.7.2)
    observer (0.1.2)
    pkg-config (1.5.6)
    rmagick (5.5.0)
      observer (~> 0.1)
      pkg-config (~> 1.4)

PLATFORMS
  ruby

DEPENDENCIES
  json
  rmagick

BUNDLED WITH
   2.1.4
